GEM
  remote: http://rubygems.org/
  specs:
    coffee-script (2.2.0)
      coffee-script-source
      execjs
    coffee-script-source (1.3.1)
    dalli (1.1.5)
    execjs (1.3.0)
      multi_json (~> 1.0)
    haml (3.0.25)
    json (1.6.5)
    multi_json (1.1.0)
    rack (1.2.1)
    rmagick (2.12.0)
    sinatra (1.2.6)
      rack (~> 1.1)
      tilt (>= 1.2.2, < 2.0)
    tilt (1.2.2)

PLATFORMS
  ruby

DEPENDENCIES
  coffee-script
  dalli
  haml
  json
  rmagick
  sinatra
